GIT
  remote: https://github.com/riboseinc/asciidoctor-csd
  revision: 14aa4eecf7a6f68602479dede41edde201e68593
  specs:
    asciidoctor-csd (0.2.2)
      asciidoctor (~> 1.5.6)
      asciidoctor-iso
      asciimath
      htmlentities (~> 4.3.4)
      image_size
      isodoc
      mime-types
      nokogiri
      ruby-jing
      ruby-xslt
      thread_safe
      uuidtools

GIT
  remote: https://github.com/riboseinc/asciidoctor-iso
  revision: 20efdb08dba56163a38a0e1b0c1e7873ad0d7046
  specs:
    asciidoctor-iso (0.7.3)
      asciidoctor (~> 1.5.6)
      html2doc
      htmlentities (~> 4.3.4)
      isodoc
      nokogiri
      ruby-jing
      sass
      thread_safe
      uuidtools

GIT
  remote: https://github.com/riboseinc/html2doc
  revision: 06a521ffd8fad90149699ae768040d25bba50cee
  specs:
    html2doc (0.7.0)
      asciimath
      htmlentities (~> 4.3.4)
      image_size
      mime-types
      nokogiri
      ruby-xslt
      thread_safe
      uuidtools

GIT
  remote: https://github.com/riboseinc/isodoc
  revision: 951d28f6904f506208af360b2b0e42f7dc0d5d18
  specs:
    isodoc (0.5.8)
      asciimath
      html2doc
      htmlentities (~> 4.3.4)
      image_size
      liquid
      mime-types
      nokogiri
      roman-numerals
      ruby-xslt
      thread_safe
      uuidtools

GEM
  remote: https://rubygems.org/
  specs:
    asciidoctor (1.5.7)
    asciimath (1.0.4)
    ffi (1.9.23)
    htmlentities (4.3.4)
    image_size (2.0.0)
    liquid (4.0.0)
    mime-types (3.1)
      mime-types-data (~> 3.2015)
    mime-types-data (3.2016.0521)
    mini_portile2 (2.3.0)
    nokogiri (1.8.2)
      mini_portile2 (~> 2.3.0)
    optout (0.0.2)
    rb-fsevent (0.10.3)
    rb-inotify (0.9.10)
      ffi (>= 0.5.0, < 2)
    roman-numerals (0.3.0)
    ruby-jing (0.0.1)
      optout (>= 0.0.2)
    ruby-xslt (0.9.10)
    sass (3.5.6)
      sass-listen (~> 4.0.0)
    sass-listen (4.0.0)
      rb-fsevent (~> 0.9, >= 0.9.4)
      rb-inotify (~> 0.9, >= 0.9.7)
    thread_safe (0.3.6)
    uuidtools (2.1.5)

PLATFORMS
  ruby

DEPENDENCIES
  asciidoctor-csd!
  asciidoctor-iso!
  html2doc!
  isodoc!

BUNDLED WITH
   1.16.1
