GIT
  remote: https://github.com/riboseinc/asciidoctor-bibliography
  revision: 618305c5970870df2a575f20e58a6ad4ba442685
  specs:
    asciidoctor-bibliography (0.8.0)
      asciidoctor (~> 1.5.6)
      bibtex-ruby (~> 4.4.4)
      citeproc-ruby (~> 1.1.7)
      csl-styles (~> 1.0.1)
      latex-decode (~> 0.2.2)
      nokogiri (~> 1.8.1)

GIT
  remote: https://github.com/riboseinc/asciidoctor-rfc
  revision: f61da20d4339f3208dbf6f041a3770d0181af496
  specs:
    asciidoctor-rfc (0.8.3)
      asciidoctor (~> 1.5.7)
      htmlentities (~> 4.3.4)
      nokogiri
      ruby-jing
      thread_safe

GEM
  remote: https://rubygems.org/
  specs:
    asciidoctor (1.5.7)
    bibtex-ruby (4.4.6)
      latex-decode (~> 0.0)
    citeproc (1.0.9)
      namae (~> 1.0)
    citeproc-ruby (1.1.10)
      citeproc (~> 1.0, >= 1.0.9)
      csl (~> 1.5)
    csl (1.5.0)
      namae (~> 1.0)
    csl-styles (1.0.1.8)
      csl (~> 1.0)
    htmlentities (4.3.4)
    latex-decode (0.2.2)
      unicode (~> 0.4)
    mini_portile2 (2.3.0)
    namae (1.0.1)
    nokogiri (1.8.5)
      mini_portile2 (~> 2.3.0)
    optout (0.0.2)
    ruby-jing (0.0.1)
      optout (>= 0.0.2)
    thread_safe (0.3.6)
    unicode (0.4.4.4)

PLATFORMS
  ruby

DEPENDENCIES
  asciidoctor-bibliography!
  asciidoctor-rfc!

BUNDLED WITH
   1.16.1
